GEM
  remote: https://rubygems.org/
  specs:
    chunky_png (1.3.11)
    narray (0.6.1.2)
    rubystats (0.3.0)

PLATFORMS
  ruby

DEPENDENCIES
  chunky_png (~> 1.3)
  narray (~> 0.6.1)
  rubystats (~> 0.3.0)

BUNDLED WITH
   2.0.2
