GEM
  remote: https://rubygems.org/
  specs:
    chunky_png (1.3.11)
    coderay (1.1.2)
    method_source (0.9.2)
    multi_json (1.15.0)
    mustermann (2.0.2)
      ruby2_keywords (~> 0.0.1)
    narray (0.6.1.2)
    pry (0.12.2)
      coderay (~> 1.1.0)
      method_source (~> 0.9.0)
    pry-remote (0.1.8)
      pry (~> 0.9)
      slop (~> 3.0)
    rack (2.2.8.1)
    rack-protection (2.2.3)
      rack
    ruby2_keywords (0.0.5)
    rubystats (0.3.0)
    sinatra (2.2.3)
      mustermann (~> 2.0)
      rack (~> 2.2)
      rack-protection (= 2.2.3)
      tilt (~> 2.0)
    sinatra-contrib (2.2.3)
      multi_json
      mustermann (~> 2.0)
      rack-protection (= 2.2.3)
      sinatra (= 2.2.3)
      tilt (~> 2.0)
    slop (3.6.0)
    tilt (2.2.0)

PLATFORMS
  ruby

DEPENDENCIES
  chunky_png (~> 1.3)
  narray (~> 0.6.1)
  pry (~> 0.12.2)
  pry-remote (~> 0.1.8)
  rubystats (~> 0.3.0)
  sinatra (~> 2.2)
  sinatra-contrib (~> 2.2)

BUNDLED WITH
   2.0.2
